PATH
  remote: .
  specs:
    http2client (0.1.5)
      http-2 (~> 0.10.1)

GEM
  remote: https://rubygems.org/
  specs:
    http-2 (0.10.2)
    rake (13.0.3)

PLATFORMS
  ruby

DEPENDENCIES
  bundler (~> 1.16)
  http2client!
  rake (~> 13.0)

BUNDLED WITH
   1.16.1
